GEM
  remote: https://rubygems.org/
  specs:
    base64 (0.2.0)
    bcrypt (3.1.20)
    multi_json (1.15.0)
    mustermann (3.0.0)
      ruby2_keywords (~> 0.0.1)
    rack (3.0.9)
    rack-protection (4.0.0)
      base64 (>= 0.1.0)
      rack (>= 3.0.0, < 4)
    rack-session (2.0.0)
      rack (>= 3.0.0)
    rackup (2.1.0)
      rack (>= 3)
      webrick (~> 1.8)
    ruby2_keywords (0.0.5)
    sinatra (4.0.0)
      mustermann (~> 3.0)
      rack (>= 3.0.0, < 4)
      rack-protection (= 4.0.0)
      rack-session (>= 2.0.0, < 3)
      tilt (~> 2.0)
    sinatra-contrib (4.0.0)
      multi_json (>= 0.0.2)
      mustermann (~> 3.0)
      rack-protection (= 4.0.0)
      sinatra (= 4.0.0)
      tilt (~> 2.0)
    slim (5.2.1)
      temple (~> 0.10.0)
      tilt (>= 2.1.0)
    sqlite3 (1.7.2-x64-mingw-ucrt)
    temple (0.10.3)
    tilt (2.3.0)
    webrick (1.8.1)

PLATFORMS
  x64-mingw-ucrt

DEPENDENCIES
  bcrypt
  rackup
  sinatra
  sinatra-contrib
  slim
  sqlite3

BUNDLED WITH
   2.5.6
